RESTRICTION: >= net45
NUGET
  remote: https://api.nuget.org/v3/index.json
    Costura.Fody (3.2)
      Fody (>= 3.3.2) - restriction: >= net46
    Faker.Net (1.1.1)
    Fody (3.3.2)
    gitlink (3.2.0-unstable0040) - copy_local: true
    JetBrains.Annotations (2018.2.1) - copy_local: true
    MahApps.Metro.IconPacks (3.0.0-alpha0089)

GROUP cake
RESTRICTION: == net45
NUGET
  remote: https://api.nuget.org/v3/index.json
    Cake (0.30)
    Cake.Figlet (1.2)
    Cake.Paket (4.0)
    Cake.Paket.Module (4.0)
    gitreleasemanager (0.7.1)
    GitVersion.CommandLine (4.0.1-beta1-50)
    vswhere (2.5.2)
